GEM
  remote: http://rubygems.org/
  specs:
    addressable (2.3.2)
    archive-tar-minitar (0.5.2)
    awesome_print (1.1.0)
    columnize (0.3.6)
    diff-lcs (1.1.3)
    excon (0.16.4)
    fakefs (0.3.2)
    foreman (0.60.0)
      thor (>= 0.13.6)
    heroku (2.32.6)
      heroku-api (~> 0.3.5)
      launchy (>= 0.3.2)
      netrc (~> 0.7.7)
      rest-client (~> 1.6.1)
      rubyzip
    heroku-api (0.3.5)
      excon (~> 0.16.1)
    hpricot (0.8.6)
    launchy (2.1.2)
      addressable (~> 2.3)
    linecache19 (0.5.12)
      ruby_core_source (>= 0.1.4)
    mash (0.1.1)
    metaclass (0.0.1)
    mime-types (1.19)
    mocha (0.12.4)
      metaclass (~> 0.0.1)
    multi_json (1.3.6)
    mustache (0.99.4)
    netrc (0.7.7)
    rake (0.9.2.2)
    rdiscount (1.6.8)
    rest-client (1.6.7)
      mime-types (>= 1.16)
    ronn (0.7.3)
      hpricot (>= 0.8.2)
      mustache (>= 0.7.0)
      rdiscount (>= 1.5.8)
    rr (1.0.4)
    rspec (2.11.0)
      rspec-core (~> 2.11.0)
      rspec-expectations (~> 2.11.0)
      rspec-mocks (~> 2.11.0)
    rspec-core (2.11.1)
    rspec-expectations (2.11.3)
      diff-lcs (~> 1.1.3)
    rspec-mocks (2.11.2)
    ruby-debug-base19 (0.11.25)
      columnize (>= 0.3.1)
      linecache19 (>= 0.5.11)
      ruby_core_source (>= 0.1.4)
    ruby-debug19 (0.11.6)
      columnize (>= 0.3.1)
      linecache19 (>= 0.5.11)
      ruby-debug-base19 (>= 0.11.19)
    ruby_core_source (0.1.5)
      archive-tar-minitar (>= 0.5.2)
    rubyzip (0.9.9)
    simplecov (0.6.4)
      multi_json (~> 1.0)
      simplecov-html (~> 0.5.3)
    simplecov-html (0.5.3)
    test-unit (2.5.2)
    thor (0.16.0)
    timecop (0.5.0)
    trollop (2.0)

PLATFORMS
  ruby

DEPENDENCIES
  awesome_print
  fakefs (~> 0.3.2)
  foreman
  heroku
  mash
  mocha
  netrc
  rake
  ronn
  rr (~> 1.0.2)
  rspec (~> 2.0)
  ruby-debug19
  simplecov
  test-unit
  thor
  timecop
  trollop
