GEM
  remote: http://rubygems.org/
  specs:
    diff-lcs (1.1.3)
    fakefs (0.3.2)
    hpricot (0.8.6)
    multi_json (1.3.6)
    mustache (0.99.4)
    netrc (0.7.7)
    rake (0.9.2.2)
    rdiscount (1.6.8)
    ronn (0.7.3)
      hpricot (>= 0.8.2)
      mustache (>= 0.7.0)
      rdiscount (>= 1.5.8)
    rr (1.0.4)
    rspec (2.11.0)
      rspec-core (~> 2.11.0)
      rspec-expectations (~> 2.11.0)
      rspec-mocks (~> 2.11.0)
    rspec-core (2.11.1)
    rspec-expectations (2.11.3)
      diff-lcs (~> 1.1.3)
    rspec-mocks (2.11.2)
    simplecov (0.6.4)
      multi_json (~> 1.0)
      simplecov-html (~> 0.5.3)
    simplecov-html (0.5.3)
    thor (0.16.0)
    timecop (0.5.0)
    trollop (2.0)

PLATFORMS
  ruby

DEPENDENCIES
  fakefs (~> 0.3.2)
  netrc
  rake
  ronn
  rr (~> 1.0.2)
  rspec (~> 2.0)
  simplecov
  thor
  timecop
  trollop
