PATH
  remote: .
  specs:
    kibo (0.1.1)
      heroku

GEM
  remote: http://rubygems.org/
  specs:
    addressable (2.3.2)
    diff-lcs (1.1.3)
    excon (0.15.5)
    fakefs (0.3.2)
    heroku (2.30.2)
      heroku-api (~> 0.3.2)
      launchy (>= 0.3.2)
      netrc (~> 0.7.5)
      rest-client (~> 1.6.1)
      rubyzip
    heroku-api (0.3.2)
      excon (~> 0.15.5)
    hpricot (0.8.6)
    hpricot (0.8.6-java)
    launchy (2.1.2)
      addressable (~> 2.3)
    mime-types (1.19)
    multi_json (1.0.4)
    mustache (0.11.2)
    netrc (0.7.5)
    rake (0.9.2.2)
    rdiscount (1.6.5)
    rest-client (1.6.7)
      mime-types (>= 1.16)
    ronn (0.7.3)
      hpricot (>= 0.8.2)
      mustache (>= 0.7.0)
      rdiscount (>= 1.5.8)
    rr (1.0.2)
    rspec (2.8.0)
      rspec-core (~> 2.8.0)
      rspec-expectations (~> 2.8.0)
      rspec-mocks (~> 2.8.0)
    rspec-core (2.8.0)
    rspec-expectations (2.8.0)
      diff-lcs (~> 1.1.2)
    rspec-mocks (2.8.0)
    rubyzip (0.9.9)
    simplecov (0.5.4)
      multi_json (~> 1.0.3)
      simplecov-html (~> 0.5.3)
    simplecov-html (0.5.3)
    timecop (0.3.5)
    yard (0.8.2)

PLATFORMS
  java
  ruby
  x86-mingw32

DEPENDENCIES
  fakefs (~> 0.3.2)
  kibo!
  rake
  ronn
  rr (~> 1.0.2)
  rspec (~> 2.0)
  simplecov
  timecop
  yard
